{
	"Manufacturer": "Siemens",
	"ManufacturersModelName": "Skyra",
	"ProcedureStepDescription": "funktionales_Schadel-MRT",
	"ScanningSequence": "GR",
	"SequenceVariant": "SP",
	"SeriesDescription": "gre_field_mapping",
	"BodyPartExamined": "BRAIN",
	"ProtocolName": "gre_field_mapping",
	"SequenceName": "_fm2d2r",
	"ImageType": ["ORIGINAL", "PRIMARY", "M", "ND"],
	"AcquisitionDateTime": "2018-06-04T18:59:41.410000",
	"MagneticFieldStrength": 3,
	"FlipAngle": 60,
	"EchoTime": 0.00738,
	"RepetitionTime": 0.487,
	"SliceTiming": [
		1.25,
		0,
		1.3175,
		0.0675,
		1.3825,
		0.1325,
		1.4475,
		0.1975,
		1.515,
		0.265,
		1.58,
		0.33,
		1.645,
		0.395,
		1.71,
		0.4625,
		1.7775,
		0.5275,
		1.8425,
		0.5925,
		1.9075,
		0.6575,
		1.975,
		0.725,
		2.04,
		0.79,
		2.105,
		0.855,
		2.1725,
		0.9225,
		2.2375,
		0.9875,
		2.3025,
		1.0525,
		2.37,
		1.12,
		2.435,
		1.185	],
	"PhaseEncodingDirection": "i-",
	"ConversionSoftware": "dcm2niix",
	"ConversionSoftwareVersion": "v1.0.20170411 GCC4.2.1"
}
