{
	"Manufacturer": "Siemens",
	"ManufacturersModelName": "Skyra",
	"ProcedureStepDescription": "funktionales_Schadel-MRT",
	"ScanningSequence": "GR_IR",
	"SequenceVariant": "SK_SP_MP",
	"SeriesDescription": "t1_mprage_sag_p2_iso_1.0",
	"BodyPartExamined": "BRAIN",
	"ProtocolName": "t1_mprage_sag_p2_iso_1.0",
	"SequenceName": "_tfl3d1_16ns",
	"ImageType": ["ORIGINAL", "PRIMARY", "M", "ND", "NORM"],
	"AcquisitionDateTime": "2018-07-06T17:56:19.710000",
	"MagneticFieldStrength": 3,
	"FlipAngle": 9,
	"EchoTime": 0.00207,
	"RepetitionTime": 2.3,
	"InversionTime": 0.9,
	"PhaseEncodingDirection": "i-",
	"ConversionSoftware": "dcm2niix",
	"ConversionSoftwareVersion": "v1.0.20170411 GCC4.2.1"
}
