{
	"Manufacturer": "Siemens",
	"ManufacturersModelName": "Skyra",
	"ProcedureStepDescription": "funktionales_Schadel-MRT",
	"ScanningSequence": "GR",
	"SequenceVariant": "SP",
	"SeriesDescription": "gre_field_mapping",
	"BodyPartExamined": "BRAIN",
	"ProtocolName": "gre_field_mapping",
	"SequenceName": "_fm2d2r",
	"ImageType": ["ORIGINAL", "PRIMARY", "M", "ND"],
	"AcquisitionDateTime": "2018-07-06T19:16:21.147500",
	"MagneticFieldStrength": 3,
	"FlipAngle": 60,
	"EchoTime": 0.00738,
	"RepetitionTime": 0.487,
	"PhaseEncodingDirection": "i-",
	"ConversionSoftware": "dcm2niix",
	"ConversionSoftwareVersion": "v1.0.20170411 GCC4.2.1"
}
