{
	"Manufacturer": "Siemens",
	"ManufacturersModelName": "Skyra",
	"ProcedureStepDescription": "funktionales_Schadel-MRT",
	"ScanningSequence": "EP",
	"SequenceVariant": "SK",
	"SeriesDescription": "ep2d_RestingState_PAINTeR_TE35",
	"BodyPartExamined": "BRAIN",
	"ProtocolName": "ep2d_RestingState_PAINTeR_TE35",
	"SequenceName": "_epfid2d1_94",
	"ImageType": ["ORIGINAL", "PRIMARY", "M", "ND", "NORM", "MOSAIC"],
	"AcquisitionDateTime": "2018-03-18T11:43:52.592500",
	"MagneticFieldStrength": 3,
	"FlipAngle": 90,
	"EchoTime": 0.035,
	"RepetitionTime": 2.52,
	"EffectiveEchoSpacing": 0.000325002,
	"SliceTiming": [
		1.25,
		0,
		1.3175,
		0.0675,
		1.3825,
		0.1325,
		1.4475,
		0.1975,
		1.515,
		0.265,
		1.58,
		0.33,
		1.645,
		0.395,
		1.7125,
		0.4625,
		1.7775,
		0.5275,
		1.8425,
		0.5925,
		1.9075,
		0.66,
		1.975,
		0.725,
		2.04,
		0.79,
		2.105,
		0.8575,
		2.1725,
		0.9225,
		2.2375,
		0.9875,
		2.3025,
		1.0525,
		2.37,
		1.12,
		2.435,
		1.185	],
	"PhaseEncodingDirection": "j-",
	"ConversionSoftware": "dcm2niix",
	"ConversionSoftwareVersion": "v1.0.20170411 GCC4.2.1"
}
