{
	"Manufacturer": "Siemens",
	"ManufacturersModelName": "Skyra",
	"ProcedureStepDescription": "funktionales_Schadel-MRT",
	"ScanningSequence": "GR",
	"SequenceVariant": "SP",
	"SeriesDescription": "gre_field_mapping",
	"BodyPartExamined": "BRAIN",
	"ProtocolName": "gre_field_mapping",
	"SequenceName": "_fm2d2r",
	"ImageType": ["ORIGINAL", "PRIMARY", "M", "ND"],
	"AcquisitionDateTime": "2018-06-01T18:09:53.445000",
	"MagneticFieldStrength": 3,
	"FlipAngle": 60,
	"EchoTime": 0.00492,
	"RepetitionTime": 0.487,
	"SliceTiming": [
		1.25,
		0,
		1.315,
		0.065,
		1.38,
		0.13,
		1.4475,
		0.1975,
		1.5125,
		0.2625,
		1.5775,
		0.3275,
		1.645,
		0.395,
		1.71,
		0.46,
		1.775,
		0.525,
		1.8425,
		0.5925,
		1.9075,
		0.6575,
		1.9725,
		0.7225,
		2.0375,
		0.79,
		2.105,
		0.855,
		2.17,
		0.92,
		2.235,
		0.9875,
		2.3025,
		1.0525,
		2.3675,
		1.1175,
		2.4325,
		1.1825	],
	"PhaseEncodingDirection": "i-",
	"ConversionSoftware": "dcm2niix",
	"ConversionSoftwareVersion": "v1.0.20170411 GCC4.2.1"
}
