{
	"Manufacturer": "Siemens",
	"ManufacturersModelName": "Skyra",
	"ProcedureStepDescription": "funktionales_Schadel-MRT",
	"ScanningSequence": "EP",
	"SequenceVariant": "SK",
	"SeriesDescription": "ep2d_RestingState_PAINTeR_TE35",
	"BodyPartExamined": "BRAIN",
	"ProtocolName": "ep2d_RestingState_PAINTeR_TE35",
	"SequenceName": "_epfid2d1_94",
	"ImageType": ["ORIGINAL", "PRIMARY", "M", "ND", "NORM", "MOSAIC"],
	"AcquisitionDateTime": "2018-06-01T19:00:49.295000",
	"MagneticFieldStrength": 3,
	"FlipAngle": 90,
	"EchoTime": 0.035,
	"RepetitionTime": 2.52,
	"EffectiveEchoSpacing": 0.000325002,
	"SliceTiming": [
		1.25,
		0,
		1.315,
		0.065,
		1.38,
		0.13,
		1.4475,
		0.1975,
		1.5125,
		0.2625,
		1.5775,
		0.3275,
		1.6425,
		0.395,
		1.71,
		0.46,
		1.775,
		0.525,
		1.84,
		0.59,
		1.9075,
		0.6575,
		1.9725,
		0.7225,
		2.0375,
		0.7875,
		2.105,
		0.855,
		2.17,
		0.92,
		2.235,
		0.985,
		2.3025,
		1.0525,
		2.3675,
		1.1175,
		2.4325,
		1.1825	],
	"PhaseEncodingDirection": "j-",
	"ConversionSoftware": "dcm2niix",
	"ConversionSoftwareVersion": "v1.0.20170411 GCC4.2.1"
}
