{
	"Manufacturer": "Siemens",
	"ManufacturersModelName": "Skyra",
	"ProcedureStepDescription": "funktionales_Schadel-MRT",
	"ScanningSequence": "GR",
	"SequenceVariant": "SP",
	"SeriesDescription": "AAHScout",
	"BodyPartExamined": "BRAIN",
	"ProtocolName": "AAHScout",
	"SequenceName": "_fl3d1_ns",
	"ImageType": ["ORIGINAL", "PRIMARY", "M", "DIS2D"],
	"AcquisitionDateTime": "2018-03-18T11:34:15.982500",
	"MagneticFieldStrength": 3,
	"FlipAngle": 8,
	"EchoTime": 0.00137,
	"RepetitionTime": 0.00315,
	"SliceTiming": [
		1.25,
		0,
		1.3175,
		0.0675,
		1.3825,
		0.1325,
		1.4475,
		0.1975,
		1.515,
		0.265,
		1.58,
		0.33,
		1.645,
		0.395,
		1.7125,
		0.4625,
		1.7775,
		0.5275,
		1.8425,
		0.5925,
		1.9075,
		0.66,
		1.975,
		0.725,
		2.04,
		0.79,
		2.105,
		0.8575,
		2.1725,
		0.9225,
		2.2375,
		0.9875,
		2.3025,
		1.0525,
		2.37,
		1.12,
		2.435,
		1.185	],
	"PhaseEncodingDirection": "i-",
	"ConversionSoftware": "dcm2niix",
	"ConversionSoftwareVersion": "v1.0.20170411 GCC4.2.1"
}
